GEM
  remote: https://rubygems.org/
  specs:
    actionpack (4.0.0)
      activesupport (= 4.0.0)
      builder (~> 3.1.0)
      erubis (~> 2.7.0)
      rack (~> 1.5.2)
      rack-test (~> 0.6.2)
    activesupport (4.0.0)
      i18n (~> 0.6, >= 0.6.4)
      minitest (~> 4.2)
      multi_json (~> 1.3)
      thread_safe (~> 0.1)
      tzinfo (~> 0.3.37)
    atomic (1.1.13)
    binding_of_caller (0.7.2)
      debug_inspector (>= 0.0.1)
    builder (3.1.4)
    bundler-audit (0.3.1)
      bundler (~> 1.2)
      thor (~> 0.18)
    capistrano (2.15.5)
      highline
      net-scp (>= 1.0.0)
      net-sftp (>= 2.0.0)
      net-ssh (>= 2.0.14)
      net-ssh-gateway (>= 1.1.0)
    capistrano-colorized-stream (0.2.3)
      capistrano (~> 2)
      colorize
    capistrano-sidekiq (0.4.0)
      capistrano
      sidekiq
    capistrano-unicorn (0.2.0)
      capistrano (< 3.0)
    capistrano_colors (0.5.5)
    celluloid (0.16.0)
      timers (~> 4.0.0)
    certified (0.1.1)
    coderay (1.0.9)
    colorize (0.7.5)
    connection_pool (2.1.1)
    crack (0.4.1)
      safe_yaml (~> 0.9.0)
    debug_inspector (0.0.2)
    erubis (2.7.0)
    happymapper (0.4.0)
      libxml-ruby (~> 2.0)
    highline (1.7.0)
    hitimes (1.2.2)
    i18n (0.6.5)
    jira-ruby (0.1.2)
      activesupport
      oauth
      railties
    json (1.8.2)
    libxml-ruby (2.7.0)
    method_source (0.8.2)
    mime-types (1.24)
    mini_portile (0.5.1)
    minitest (4.7.5)
    multi_json (1.7.9)
    net-scp (1.2.1)
      net-ssh (>= 2.6.5)
    net-sftp (2.1.2)
      net-ssh (>= 2.6.5)
    net-ssh (2.9.2)
    net-ssh-gateway (1.2.0)
      net-ssh (>= 2.6.5)
    nokogiri (1.6.0)
      mini_portile (~> 0.5.0)
    nokogiri-happymapper (0.5.7)
      nokogiri (~> 1.5)
    oauth (0.4.7)
    open4 (1.3.4)
    pivotal-tracker (0.5.10)
      builder
      builder
      crack
      happymapper (>= 0.3.2)
      nokogiri (>= 1.4.3)
      nokogiri (>= 1.5.5)
      nokogiri-happymapper (>= 0.5.4)
      rest-client (~> 1.6.0)
      rest-client (~> 1.6.0)
    pry (0.9.12.2)
      coderay (~> 1.0.5)
      method_source (~> 0.8)
      slop (~> 3.4)
    pry-nav (0.2.3)
      pry (~> 0.9.10)
    pry-stack_explorer (0.4.9.1)
      binding_of_caller (>= 0.7)
      pry (>= 0.9.11)
    rack (1.5.2)
    rack-test (0.6.2)
      rack (>= 1.0)
    rails_dt (0.1.4)
    railties (4.0.0)
      actionpack (= 4.0.0)
      activesupport (= 4.0.0)
      rake (>= 0.8.7)
      thor (>= 0.18.1, < 2.0)
    rake (10.1.0)
    recap (1.2.2)
      capistrano (~> 2.9)
      open4
      thor
    redis (3.2.1)
    redis-namespace (1.5.1)
      redis (~> 3.0, >= 3.0.4)
    rest-client (1.6.7)
      mime-types (>= 1.16)
    rufus-scheduler (3.0.9)
      tzinfo
    safe_yaml (0.9.5)
    sidekiq (3.3.2)
      celluloid (>= 0.16.0)
      connection_pool (>= 2.1.1)
      json
      redis (>= 3.0.6)
      redis-namespace (>= 1.3.1)
    slop (3.4.6)
    sushi (0.0.4)
    thor (0.18.1)
    thread_safe (0.1.2)
      atomic
    timers (4.0.1)
      hitimes
    tzinfo (0.3.37)

PLATFORMS
  ruby

DEPENDENCIES
  bundler-audit
  capistrano (~> 2.0)
  capistrano-colorized-stream
  capistrano-sidekiq
  capistrano-unicorn
  capistrano_colors
  certified
  colorize
  highline
  jira-ruby
  pivotal-tracker
  pry
  pry-nav
  pry-stack_explorer
  rails_dt
  recap (~> 1.2)
  rufus-scheduler
  sushi
  thor
